PATH
  remote: .
  specs:
    RubyGame (0.1.0)

GEM
  remote: https://rubygems.org/
  specs:
    diff-lcs (1.3)
    gosu (0.15.1)
    rake (12.3.3)
    rake-compiler (1.1.0)
      rake
    rspec (3.9.0)
      rspec-core (~> 3.9.0)
      rspec-expectations (~> 3.9.0)
      rspec-mocks (~> 3.9.0)
    rspec-core (3.9.2)
      rspec-support (~> 3.9.3)
    rspec-expectations (3.9.2)
      diff-lcs (>= 1.2.0, < 2.0)
      rspec-support (~> 3.9.0)
    rspec-mocks (3.9.1)
      diff-lcs (>= 1.2.0, < 2.0)
      rspec-support (~> 3.9.0)
    rspec-support (3.9.3)

PLATFORMS
  ruby

DEPENDENCIES
  RubyGame!
  gosu
  rake (~> 12.0)
  rake-compiler
  rspec (~> 3.0)

BUNDLED WITH
   1.17.3
